GEM
  remote: https://rubygems.org/
  specs:
    pg (0.21.0)
    sequel (4.43.0)

PLATFORMS
  ruby

DEPENDENCIES
  pg!
  sequel!

BUNDLED WITH
   1.16.1
