GEM
  remote: https://rubygems.org/
  specs:
    sequel (4.43.0)

PLATFORMS
  ruby

DEPENDENCIES
  sequel!

BUNDLED WITH
   1.16.0
